PATH
  remote: .
  specs:
    streamsend (0.2.0)
      activesupport (~> 3.2)
      builder
      httparty

GEM
  remote: https://rubygems.org/
  specs:
    activesupport (3.2.13)
      i18n (= 0.6.1)
      multi_json (~> 1.0)
    addressable (2.3.5)
    builder (3.2.2)
    crack (0.4.0)
      safe_yaml (~> 0.9.0)
    diff-lcs (1.2.4)
    httparty (0.11.0)
      multi_json (~> 1.0)
      multi_xml (>= 0.5.2)
    i18n (0.6.1)
    multi_json (1.7.7)
    multi_xml (0.5.4)
    rspec (2.13.0)
      rspec-core (~> 2.13.0)
      rspec-expectations (~> 2.13.0)
      rspec-mocks (~> 2.13.0)
    rspec-core (2.13.1)
    rspec-expectations (2.13.0)
      diff-lcs (>= 1.1.3, < 2.0)
    rspec-mocks (2.13.1)
    ruby-fsevent (0.2.1)
    safe_yaml (0.9.3)
    vcr (2.5.0)
    watchr (0.7)
    webmock (1.12.3)
      addressable (>= 2.2.7)
      crack (>= 0.3.2)

PLATFORMS
  ruby

DEPENDENCIES
  rspec
  ruby-fsevent
  streamsend!
  vcr
  watchr
  webmock (~> 1.6)
