PATH
  remote: .
  specs:
    streamsend (0.1.3)
      httparty (= 0.7.4)

GEM
  remote: https://rubygems.org/
  specs:
    activesupport (3.2.9)
      i18n (~> 0.6)
      multi_json (~> 1.0)
    addressable (2.2.7)
    columnize (0.3.6)
    crack (0.1.8)
    diff-lcs (1.1.3)
    httparty (0.7.4)
      crack (= 0.1.8)
    i18n (0.6.1)
    linecache (0.46)
      rbx-require-relative (> 0.0.4)
    multi_json (1.3.7)
    rbx-require-relative (0.0.9)
    rspec (2.9.0)
      rspec-core (~> 2.9.0)
      rspec-expectations (~> 2.9.0)
      rspec-mocks (~> 2.9.0)
    rspec-core (2.9.0)
    rspec-expectations (2.9.0)
      diff-lcs (~> 1.1.3)
    rspec-mocks (2.9.0)
    ruby-debug (0.10.4)
      columnize (>= 0.1)
      ruby-debug-base (~> 0.10.4.0)
    ruby-debug-base (0.10.4)
      linecache (>= 0.3)
    webmock (1.8.4)
      addressable (>= 2.2.7)
      crack (>= 0.1.7)

PLATFORMS
  ruby

DEPENDENCIES
  activesupport
  rspec
  ruby-debug
  streamsend!
  webmock (~> 1.6)
