PATH
  remote: .
  specs:
    streamsend (0.1.1)
      httparty (= 0.7.4)

GEM
  remote: https://rubygems.org/
  specs:
    addressable (2.2.7)
    crack (0.1.8)
    diff-lcs (1.1.3)
    httparty (0.7.4)
      crack (= 0.1.8)
    rspec (2.9.0)
      rspec-core (~> 2.9.0)
      rspec-expectations (~> 2.9.0)
      rspec-mocks (~> 2.9.0)
    rspec-core (2.9.0)
    rspec-expectations (2.9.0)
      diff-lcs (~> 1.1.3)
    rspec-mocks (2.9.0)
    webmock (1.8.4)
      addressable (>= 2.2.7)
      crack (>= 0.1.7)

PLATFORMS
  ruby

DEPENDENCIES
  rspec (~> 2.9)
  streamsend!
  webmock (~> 1.6)
